GEM
  remote: https://rubygems.org/
  specs:
    coderay (1.1.3)
    concurrent-ruby (1.2.2)
    data_uri (0.1.0)
    dotenv (2.8.1)
    dry-configurable (1.0.1)
      dry-core (~> 1.0, < 2)
      zeitwerk (~> 2.6)
    dry-core (1.0.0)
      concurrent-ruby (~> 1.0)
      zeitwerk (~> 2.6)
    dry-inflector (1.0.0)
    dry-initializer (3.1.1)
    dry-logic (1.5.0)
      concurrent-ruby (~> 1.0)
      dry-core (~> 1.0, < 2)
      zeitwerk (~> 2.6)
    dry-schema (1.13.1)
      concurrent-ruby (~> 1.0)
      dry-configurable (~> 1.0, >= 1.0.1)
      dry-core (~> 1.0, < 2)
      dry-initializer (~> 3.0)
      dry-logic (>= 1.4, < 2)
      dry-types (>= 1.7, < 2)
      zeitwerk (~> 2.6)
    dry-types (1.7.1)
      concurrent-ruby (~> 1.0)
      dry-core (~> 1.0)
      dry-inflector (~> 1.0)
      dry-logic (~> 1.4)
      zeitwerk (~> 2.6)
    faraday (2.7.5)
      faraday-net_http (>= 2.0, < 3.1)
      ruby2_keywords (>= 0.0.4)
    faraday-net_http (3.0.2)
    faraday-retry (2.1.0)
      faraday (~> 2.0)
    ffi (1.15.5)
    ffi-rzmq (2.0.7)
      ffi-rzmq-core (>= 1.0.7)
    ffi-rzmq-core (1.0.7)
      ffi
    io-console (0.6.0)
    irb (1.6.4)
      reline (>= 0.3.0)
    iruby (0.7.4)
      data_uri (~> 0.1)
      ffi-rzmq
      irb
      mime-types (>= 3.3.1)
      multi_json (~> 1.11)
      native-package-installer
    kramdown (2.4.0)
      rexml
    luo (0.2.4)
      dotenv (~> 2.8, >= 2.8.1)
      dry-configurable (~> 1.0, >= 1.0.1)
      dry-schema (~> 1.13, >= 1.13.1)
      faraday (~> 2.7, >= 2.7.4)
      faraday-retry (~> 2.1)
      redcarpet (~> 3.6)
      rouge (~> 4.1, >= 4.1.1)
      thor (~> 1.2, >= 1.2.2)
      tty-markdown (~> 0.7.2)
      zeitwerk (~> 2.6, >= 2.6.8)
    method_source (1.0.0)
    mime-types (3.4.1)
      mime-types-data (~> 3.2015)
    mime-types-data (3.2023.0218.1)
    multi_json (1.15.0)
    native-package-installer (1.1.5)
    pastel (0.8.0)
      tty-color (~> 0.5)
    pry (0.14.2)
      coderay (~> 1.1)
      method_source (~> 1.0)
    redcarpet (3.6.0)
    reline (0.3.4)
      io-console (~> 0.5)
    rexml (3.2.5)
    rouge (4.1.1)
    ruby2_keywords (0.0.5)
    strings (0.2.1)
      strings-ansi (~> 0.2)
      unicode-display_width (>= 1.5, < 3.0)
      unicode_utils (~> 1.4)
    strings-ansi (0.2.0)
    thor (1.2.2)
    tty-color (0.6.0)
    tty-markdown (0.7.2)
      kramdown (>= 1.16.2, < 3.0)
      pastel (~> 0.8)
      rouge (>= 3.14, < 5.0)
      strings (~> 0.2.0)
      tty-color (~> 0.5)
      tty-screen (~> 0.8)
    tty-screen (0.8.1)
    unicode-display_width (2.4.2)
    unicode_utils (1.4.0)
    zeitwerk (2.6.8)

PLATFORMS
  x86_64-linux

DEPENDENCIES
  iruby
  luo (~> 0.2.4)
  pry (~> 0.14.2)

BUNDLED WITH
   2.4.10
